GIT
  remote: https://github.com/groesser3/GCal4Ruby.git
  revision: 6e750d64dc515f0ca1fd61c7d10a27bf958ecc03
  specs:
    gcal4ruby (0.5.51)
      gdata4ruby (>= 0.1.5)

GEM
  remote: http://rubygems.org/
  specs:
    addressable (2.2.8)
    data_objects (0.10.10)
      addressable (~> 2.1)
    dm-core (1.2.0)
      addressable (~> 2.2.6)
    dm-migrations (1.2.0)
      dm-core (~> 1.2.0)
    do_sqlite3 (0.10.10-x86-mingw32)
      data_objects (= 0.10.10)
    gdata4ruby (0.1.5)
    log4r (1.1.10)

PLATFORMS
  x86-mingw32

DEPENDENCIES
  dm-core (>= 1.2.0)
  dm-migrations (>= 1.2.0)
  do_sqlite3 (>= 0.10.8)
  gcal4ruby!
  gdata4ruby (= 0.1.5)
  log4r (>= 1.1.10)
